PATH
  remote: .
  specs:
    dim (1.0.0)

GEM
  remote: https://rubygems.org/
  specs:
    diff-lcs (1.1.2)
    rspec (2.5.0)
      rspec-core (~> 2.5.0)
      rspec-expectations (~> 2.5.0)
      rspec-mocks (~> 2.5.0)
    rspec-core (2.5.1)
    rspec-expectations (2.5.0)
      diff-lcs (~> 1.1.2)
    rspec-given (1.3.1)
      rspec (~> 2.0)
    rspec-mocks (2.5.0)

PLATFORMS
  ruby

DEPENDENCIES
  dim!
  rspec
  rspec-given
